GEM
  remote: https://rubygems.org/
  specs:
    addressable (2.8.7)
      public_suffix (>= 2.0.2, < 7.0)
    faraday (0.17.6)
      multipart-post (>= 1.2, < 3)
    launchy (2.5.2)
      addressable (~> 2.8)
    multipart-post (2.4.1)
    pairing_heap (3.1.0)
    public_suffix (6.0.1)
    rbplotly (0.1.2)
      faraday (~> 0.9)
      launchy (~> 2.4)
      uuidtools (~> 2.1)
    rexml (3.3.9)
    rgl (0.6.6)
      pairing_heap (>= 0.3, < 4.0)
      rexml (~> 3.2, >= 3.2.4)
      stream (~> 0.5.3)
    stream (0.5.5)
    uuidtools (2.2.0)

PLATFORMS
  ruby

DEPENDENCIES
  rbplotly
  rgl

BUNDLED WITH
   2.1.4
